GIT
  remote: https://github.com/rodjek/rspec-puppet
  revision: 36812b35bd4a9d3f601bed34a222b304ea0b8e85
  specs:
    rspec-puppet (0.1.6)
      rspec

GEM
  remote: https://rubygems.org/
  specs:
    coderay (1.0.9)
    diff-lcs (1.2.4)
    facter (1.7.1)
    hiera (1.2.1)
      json_pure
    hiera-puppet-helper (1.0.1)
    json (1.8.0)
    json_pure (1.8.0)
    kwalify (0.7.2)
    librarian-puppet (0.9.8)
      json
      thor (~> 0.15)
    metaclass (0.0.1)
    method_source (0.8.1)
    mocha (0.14.0)
      metaclass (~> 0.0.1)
    pry (0.9.12.2)
      coderay (~> 1.0.5)
      method_source (~> 0.8)
      slop (~> 3.4)
    pry-nav (0.2.3)
      pry (~> 0.9.10)
    puppet (3.1.1)
      facter (~> 1.6)
      hiera (~> 1.0)
    puppet-lint (0.3.2)
    puppetlabs_spec_helper (0.4.1)
      mocha (>= 0.10.5)
      rake
      rspec (>= 2.9.0)
      rspec-puppet (>= 0.1.1)
    rake (10.1.0)
    rspec (2.13.0)
      rspec-core (~> 2.13.0)
      rspec-expectations (~> 2.13.0)
      rspec-mocks (~> 2.13.0)
    rspec-core (2.13.1)
    rspec-expectations (2.13.0)
      diff-lcs (>= 1.1.3, < 2.0)
    rspec-mocks (2.13.1)
    slop (3.4.5)
    thor (0.18.1)

PLATFORMS
  ruby

DEPENDENCIES
  hiera-puppet-helper
  kwalify
  librarian-puppet
  pry
  pry-nav
  puppet (~> 3.1.0)
  puppet-lint
  puppetlabs_spec_helper
  rake
  rspec-puppet!
